GEM
  remote: https://rubygems.org/
  specs:
    httparty (0.15.6)
      multi_xml (>= 0.5.2)
    license_finder (5.0.0)
      bundler
      httparty
      rubyzip
      thor
      toml (= 0.2.0)
      with_env (> 1.0)
      xml-simple
    multi_xml (0.6.0)
    parslet (1.8.1)
    pivotal_git_scripts (1.4.0)
    rubyzip (1.2.1)
    thor (0.20.0)
    toml (0.2.0)
      parslet (~> 1.8.0)
    with_env (1.1.0)
    xml-simple (1.1.5)

PLATFORMS
  ruby

DEPENDENCIES
  license_finder
  pivotal_git_scripts

BUNDLED WITH
   1.13.6
